GEM
  remote: http://rubygems.org/
  specs:
    activesupport (2.3.5)
    crack (0.1.8)
    fakeweb (1.3.0)
    git (1.2.5)
    httparty (0.7.4)
      crack (= 0.1.8)
    jeweler (1.5.2)
      bundler (~> 1.0.0)
      git (>= 1.2.5)
      rake
    rake (0.8.7)
    will_paginate (2.3.15)

PLATFORMS
  ruby

DEPENDENCIES
  activesupport (= 2.3.5)
  bundler (~> 1.0.0)
  fakeweb
  httparty (~> 0.7.4)
  jeweler (~> 1.5.2)
  will_paginate (= 2.3.15)
